PATH
  remote: .
  specs:
    eff (0.0.1)

GEM
  specs:

PLATFORMS
  ruby

DEPENDENCIES
  eff!
